PATH
  remote: .
  specs:
    delve (0.0.7)
      perlin_noise

GEM
  remote: https://rubygems.org/
  specs:
    metaclass (0.0.2)
    minitest (5.2.2)
    mocha (1.0.0)
      metaclass (~> 0.0.1)
    perlin_noise (0.1.2)
    rake (10.1.1)

PLATFORMS
  ruby

DEPENDENCIES
  delve!
  minitest
  mocha
  rake
